GEM
  remote: https://rubygems.org/
  specs:
    gosu (0.13.2)

PLATFORMS
  ruby

DEPENDENCIES
  gosu

BUNDLED WITH
   1.15.4
